GEM
  remote: http://rubygems.org/
  specs:
    actionmailer (2.3.18)
      actionpack (= 2.3.18)
    actionpack (2.3.18)
      activesupport (= 2.3.18)
      rack (~> 1.1.0)
    activerecord (2.3.18)
      activesupport (= 2.3.18)
    activeresource (2.3.18)
      activesupport (= 2.3.18)
    activesupport (2.3.18)
    addressable (2.3.4)
    be_valid_asset (1.1.1)
      rspec
    builder (2.1.2)
    capistrano (2.15.4)
      highline
      net-scp (>= 1.0.0)
      net-sftp (>= 2.0.0)
      net-ssh (>= 2.0.14)
      net-ssh-gateway (>= 1.1.0)
    capistrano-ext (1.2.1)
      capistrano (>= 1.0.0)
    capybara (0.3.9)
      culerity (>= 0.2.4)
      mime-types (>= 1.16)
      nokogiri (>= 1.3.3)
      rack (>= 1.0.0)
      rack-test (>= 0.5.4)
      selenium-webdriver (>= 0.0.3)
    childprocess (0.3.9)
      ffi (~> 1.0, >= 1.0.11)
    cucumber (0.9.0)
      builder (~> 2.1.2)
      diff-lcs (~> 1.1.2)
      gherkin (~> 2.2.2)
      json (~> 1.4.6)
      term-ansicolor (~> 1.0.5)
    cucumber-rails (0.3.2)
      cucumber (>= 0.8.0)
    culerity (0.2.15)
    database_cleaner (0.5.2)
    diff-lcs (1.1.3)
    factory_girl (1.2.3)
    ffi (1.8.1)
    gherkin (2.2.4)
      json (~> 1.4.6)
      term-ansicolor (~> 1.0.5)
      trollop (~> 1.16.2)
    highline (1.6.19)
    hoe (3.6.1)
      rake (>= 0.8, < 11.0)
    json (1.4.6)
    launchy (2.3.0)
      addressable (~> 2.3)
    mime-types (1.16)
    multi_json (1.7.3)
    mysql (2.8.1)
    net-scp (1.1.1)
      net-ssh (>= 2.6.5)
    net-sftp (2.1.2)
      net-ssh (>= 2.6.5)
    net-ssh (2.6.7)
    net-ssh-gateway (1.2.0)
      net-ssh (>= 2.6.5)
    nokogiri (1.5.9)
    paperclip (2.3.4)
      activerecord
      activesupport
    pg (0.15.1)
    pickle (0.4.2)
      cucumber (>= 0.8)
      rake
      rspec (>= 1.3)
      yard
    proxies (0.2.1)
    rack (1.1.6)
    rack-test (0.6.2)
      rack (>= 1.0)
    rails (2.3.18)
      actionmailer (= 2.3.18)
      actionpack (= 2.3.18)
      activerecord (= 2.3.18)
      activeresource (= 2.3.18)
      activesupport (= 2.3.18)
      rake (>= 0.8.3)
    rake (0.8.7)
    rspec (1.3.0)
    rspec-rails (1.3.2)
      rack (>= 1.0.0)
      rspec (>= 1.3.0)
    ruby-prof (0.13.0)
    rubyzip (0.9.9)
    s3 (0.3.7)
      proxies
    selenium-webdriver (2.32.1)
      childprocess (>= 0.2.5)
      multi_json (~> 1.0)
      rubyzip
      websocket (~> 1.0.4)
    term-ansicolor (1.0.7)
    test-unit (1.2.3)
      hoe (>= 1.5.1)
    trollop (1.16.2)
    websocket (1.0.7)
    yard (0.8.6.1)

PLATFORMS
  ruby

DEPENDENCIES
  be_valid_asset (= 1.1.1)
  capistrano
  capistrano-ext
  capybara (= 0.3.9)
  cucumber (= 0.9.0)
  cucumber-rails (= 0.3.2)
  database_cleaner (= 0.5.2)
  factory_girl (= 1.2.3)
  gherkin (= 2.2.4)
  launchy
  mime-types (= 1.16)
  mysql
  nokogiri
  paperclip (= 2.3.4)
  pg
  pickle (= 0.4.2)
  proxies (= 0.2.1)
  rails (= 2.3.18)
  rake (= 0.8.7)
  rspec (= 1.3.0)
  rspec-rails (= 1.3.2)
  ruby-prof
  s3 (= 0.3.7)
  test-unit (= 1.2.3)
